PATH
  remote: .
  specs:
    developer_gigs (0.1.0)

GEM
  remote: https://rubygems.org/
  specs:
    coderay (1.1.2)
    httparty (0.17.0)
      mime-types (~> 3.0)
      multi_xml (>= 0.5.2)
    method_source (0.9.2)
    mime-types (3.2.2)
      mime-types-data (~> 3.2015)
    mime-types-data (3.2019.0331)
    mini_portile2 (2.8.0)
    multi_xml (0.6.0)
    nokogiri (1.13.9)
      mini_portile2 (~> 2.8.0)
      racc (~> 1.4)
    pry (0.12.2)
      coderay (~> 1.1.0)
      method_source (~> 0.9.0)
    racc (1.6.0)

PLATFORMS
  x64-mingw32
  x86_64-linux

DEPENDENCIES
  bundler (~> 2.0)
  developer_gigs!
  httparty
  nokogiri
  pry

BUNDLED WITH
   2.0.1
